{
	"Manufacturer": "Siemens",
	"ManufacturersModelName": "TrioTim",
	"ProcedureStepDescription": "MRRC_Research_SiteProtocols",
	"ProtocolName": "Sag_3D_MPRAGE_10_05",
	"ImageType": ["ORIGINAL", "PRIMARY", "M", "ND"],
	"AcquisitionDateTime": "2011-07-19T12:25:27.375000",
	"MagneticFieldStrength": 3,
	"FlipAngle": 7,
	"EchoTime": 0.00277,
	"RepetitionTime": 2.53,
	"SliceTiming": [
		1.0025,
		0,
		1.0525,
		0.05,
		1.1025,
		0.1,
		1.155,
		0.15,
		1.205,
		0.2,
		1.255,
		0.25,
		1.305,
		0.3,
		1.355,
		0.35,
		1.405,
		0.4,
		1.455,
		0.45,
		1.505,
		0.5025,
		1.555,
		0.5525,
		1.605,
		0.6025,
		1.655,
		0.6525,
		1.705,
		0.7025,
		1.755,
		0.7525,
		1.8075,
		0.8025,
		1.8575,
		0.8525,
		1.9075,
		0.9025,
		1.9575,
		0.9525	],
	"PhaseEncodingDirection": "i-",
	"ConversionSoftware": "dcm2niix",
	"ConversionSoftwareVersion": "v1.0.20170207"
}
