{
	"Manufacturer": "Siemens",
	"ManufacturersModelName": "TrioTim",
	"ProcedureStepDescription": "MRRC_Research_SiteProtocols",
	"ProtocolName": "Sag_3D_MPRAGE_10_05",
	"ImageType": ["ORIGINAL", "PRIMARY", "M", "ND"],
	"AcquisitionDateTime": "2011-06-21T12:01:44.523438",
	"MagneticFieldStrength": 3,
	"FlipAngle": 7,
	"EchoTime": 0.00277,
	"RepetitionTime": 2.53,
	"SliceTiming": [
		1.005,
		0,
		1.055,
		0.05,
		1.105,
		0.1,
		1.155,
		0.1525,
		1.205,
		0.2025,
		1.255,
		0.2525,
		1.305,
		0.3025,
		1.355,
		0.3525,
		1.405,
		0.4025,
		1.4575,
		0.4525,
		1.5075,
		0.5025,
		1.5575,
		0.5525,
		1.6075,
		0.6025,
		1.6575,
		0.6525,
		1.7075,
		0.7025,
		1.7575,
		0.7525,
		1.8075,
		0.805,
		1.8575,
		0.855,
		1.9075,
		0.905,
		1.9575,
		0.955	],
	"PhaseEncodingDirection": "i-",
	"ConversionSoftware": "dcm2niix",
	"ConversionSoftwareVersion": "v1.0.20170207"
}
